PATH
  remote: .
  specs:
    ballantine (0.1.2)
      thor (~> 1.2.1)

GEM
  remote: https://rubygems.org/
  specs:
    rake (13.0.6)
    thor (1.2.1)
    webrick (1.7.0)
    yard (0.9.28)
      webrick (~> 1.7.0)

PLATFORMS
  ruby

DEPENDENCIES
  ballantine!
  rake (~> 13.0)
  yard (~> 0.9.28)

BUNDLED WITH
   2.3.20
